PATH
  remote: .
  specs:
    lograge-datadog-error-tracking (0.1.0)
      activesupport (> 6.0)
      lograge (~> 0.13.0)

GEM
  remote: https://rubygems.org/
  specs:
    actionpack (7.0.7.2)
      actionview (= 7.0.7.2)
      activesupport (= 7.0.7.2)
      rack (~> 2.0, >= 2.2.4)
      rack-test (>= 0.6.3)
      rails-dom-testing (~> 2.0)
      rails-html-sanitizer (~> 1.0, >= 1.2.0)
    actionview (7.0.7.2)
      activesupport (= 7.0.7.2)
      builder (~> 3.1)
      erubi (~> 1.4)
      rails-dom-testing (~> 2.0)
      rails-html-sanitizer (~> 1.1, >= 1.2.0)
    activesupport (7.0.7.2)
      concurrent-ruby (~> 1.0, >= 1.0.2)
      i18n (>= 1.6, < 2)
      minitest (>= 5.1)
      tzinfo (~> 2.0)
    ast (2.4.2)
    builder (3.2.4)
    concurrent-ruby (1.2.2)
    crass (1.0.6)
    diff-lcs (1.5.0)
    erubi (1.12.0)
    i18n (1.14.1)
      concurrent-ruby (~> 1.0)
    json (2.6.2)
    lograge (0.13.0)
      actionpack (>= 4)
      activesupport (>= 4)
      railties (>= 4)
      request_store (~> 1.0)
    loofah (2.21.3)
      crass (~> 1.0.2)
      nokogiri (>= 1.12.0)
    method_source (1.0.0)
    minitest (5.19.0)
    nokogiri (1.15.4-aarch64-linux)
      racc (~> 1.4)
    nokogiri (1.15.4-arm64-darwin)
      racc (~> 1.4)
    nokogiri (1.15.4-x86_64-darwin)
      racc (~> 1.4)
    parallel (1.22.1)
    parser (3.1.2.1)
      ast (~> 2.4.1)
    racc (1.7.1)
    rack (2.2.8)
    rack-test (2.1.0)
      rack (>= 1.3)
    rails-dom-testing (2.2.0)
      activesupport (>= 5.0.0)
      minitest
      nokogiri (>= 1.6)
    rails-html-sanitizer (1.6.0)
      loofah (~> 2.21)
      nokogiri (~> 1.14)
    railties (7.0.7.2)
      actionpack (= 7.0.7.2)
      activesupport (= 7.0.7.2)
      method_source
      rake (>= 12.2)
      thor (~> 1.0)
      zeitwerk (~> 2.5)
    rainbow (3.1.1)
    rake (13.0.6)
    regexp_parser (2.6.0)
    request_store (1.5.1)
      rack (>= 1.4)
    rexml (3.2.5)
    rspec (3.11.0)
      rspec-core (~> 3.11.0)
      rspec-expectations (~> 3.11.0)
      rspec-mocks (~> 3.11.0)
    rspec-core (3.11.0)
      rspec-support (~> 3.11.0)
    rspec-expectations (3.11.1)
      diff-lcs (>= 1.2.0, < 2.0)
      rspec-support (~> 3.11.0)
    rspec-mocks (3.11.1)
      diff-lcs (>= 1.2.0, < 2.0)
      rspec-support (~> 3.11.0)
    rspec-support (3.11.1)
    rubocop (1.36.0)
      json (~> 2.3)
      parallel (~> 1.10)
      parser (>= 3.1.2.1)
      rainbow (>= 2.2.2, < 4.0)
      regexp_parser (>= 1.8, < 3.0)
      rexml (>= 3.2.5, < 4.0)
      rubocop-ast (>= 1.20.1, < 2.0)
      ruby-progressbar (~> 1.7)
      unicode-display_width (>= 1.4.0, < 3.0)
    rubocop-ast (1.21.0)
      parser (>= 3.1.1.0)
    ruby-progressbar (1.11.0)
    thor (1.2.2)
    tzinfo (2.0.6)
      concurrent-ruby (~> 1.0)
    unicode-display_width (2.3.0)
    zeitwerk (2.6.11)

PLATFORMS
  aarch64-linux
  universal-darwin-22

DEPENDENCIES
  lograge-datadog-error-tracking!
  rake (~> 13.0)
  rspec (~> 3.0)
  rubocop (~> 1.21)

BUNDLED WITH
   2.4.19
